GIT
  remote: git://github.com/kenshin54/am_alipay.git
  revision: 8d22adb787bd75fd682da7a981279ddfe3adb7ae
  specs:
    am_alipay (0.0.2)

GIT
  remote: git://github.com/kenshin54/ebayr.git
  revision: c6410d02dbea19cf648b12b8bb3331d2237d7036
  specs:
    ebayr (0.0.6)
      activesupport

GIT
  remote: git://github.com/kenshin54/top_notify.git
  revision: 613f05f41ac479bd0c4c39e0f48a953fa5860b39
  specs:
    top_notify (0.0.1)
      multi_json (~> 1.3.7)

GIT
  remote: git://github.com/yonggu/taobao.git
  revision: a3e5f7c470d4f644e68485b95ec1699cfe106b31
  specs:
    taobao (0.0.1)
      json (~> 1.6)

GIT
  remote: git://github.com/zlx/social-share-button.git
  revision: 21d185f6b73c68dc7aa33f1a9c903af19eb3a0b4
  tag: 0.0.1
  specs:
    social-share-button (0.0.8)

GEM
  remote: http://ruby.taobao.org/
  specs:
    actionmailer (3.2.11)
      actionpack (= 3.2.11)
      mail (~> 2.4.4)
    actionpack (3.2.11)
      activemodel (= 3.2.11)
      activesupport (= 3.2.11)
      builder (~> 3.0.0)
      erubis (~> 2.7.0)
      journey (~> 1.0.4)
      rack (~> 1.4.0)
      rack-cache (~> 1.2)
      rack-test (~> 0.6.1)
      sprockets (~> 2.2.1)
    active_utils (2.0.1)
      activesupport (>= 2.3.11)
      i18n
    activemerchant (1.28.0)
      active_utils (>= 1.0.2)
      activesupport (>= 2.3.11)
      builder (>= 2.0.0)
      i18n
      json (>= 1.5.1)
      money
      nokogiri
    activemodel (3.2.11)
      activesupport (= 3.2.11)
      builder (~> 3.0.0)
    activerecord (3.2.11)
      activemodel (= 3.2.11)
      activesupport (= 3.2.11)
      arel (~> 3.0.2)
      tzinfo (~> 0.3.29)
    activeresource (3.2.11)
      activemodel (= 3.2.11)
      activesupport (= 3.2.11)
    activesupport (3.2.11)
      i18n (~> 0.6)
      multi_json (~> 1.0)
    addressable (2.3.5)
    ansi (1.4.3)
    arel (3.0.2)
    awesome_nested_set (2.1.3)
      activerecord (>= 3.0.0)
    babosa (0.3.11)
    bcrypt-ruby (3.1.2)
    best_in_place (1.0.6)
      jquery-rails
      rails (~> 3.1)
    binding_of_caller (0.7.2)
      debug_inspector (>= 0.0.1)
    bson (1.9.2)
    bson_ext (1.9.2)
      bson (~> 1.9.2)
    builder (3.0.4)
    cache_digests (0.1.0)
      actionpack (>= 3.2)
    cancan (1.6.10)
    capistrano (2.12.0)
      highline
      net-scp (>= 1.0.0)
      net-sftp (>= 2.0.0)
      net-ssh (>= 2.0.14)
      net-ssh-gateway (>= 1.1.0)
    capistrano-ext (1.2.1)
      capistrano (>= 1.0.0)
    capybara (2.1.0)
      mime-types (>= 1.16)
      nokogiri (>= 1.3.3)
      rack (>= 1.0.0)
      rack-test (>= 0.5.4)
      xpath (~> 2.0)
    carrierwave (0.6.2)
      activemodel (>= 3.2.0)
      activesupport (>= 3.2.0)
    cells (3.7.1)
      actionpack (~> 3.0)
      railties (~> 3.0)
    celluloid (0.12.4)
      facter (>= 1.6.12)
      timers (>= 1.0.0)
    childprocess (0.3.9)
      ffi (~> 1.0, >= 1.0.11)
    chronic (0.6.7)
    coderay (1.0.9)
    coffee-rails (3.2.2)
      coffee-script (>= 2.2.0)
      railties (~> 3.2.0)
    coffee-script (2.2.0)
      coffee-script-source
      execjs
    coffee-script-source (1.6.3)
    commonjs (0.2.7)
    connection_pool (0.9.3)
    crack (0.4.1)
      safe_yaml (~> 0.9.0)
    css_parser (1.3.5)
      addressable
    daemons (1.1.9)
    database_cleaner (1.2.0)
    debug_inspector (0.0.2)
    default_value_for (2.0.1)
    devise (2.0.4)
      bcrypt-ruby (~> 3.0)
      orm_adapter (~> 0.0.3)
      railties (~> 3.1)
      warden (~> 1.1.1)
    diff-lcs (1.1.3)
    domain_name (0.5.13)
      unf (>= 0.0.5, < 1.0.0)
    dynamic_form (1.1.4)
    em-hiredis (0.1.1)
      hiredis (~> 0.4.0)
    erubis (2.7.0)
    eventmachine (1.0.3)
    exception_notification (2.6.1)
      actionmailer (>= 3.0.4)
    execjs (1.3.2)
      multi_json (~> 1.0)
    facter (1.7.3)
    factory_girl (3.6.2)
      activesupport (>= 3.0.0)
    factory_girl_rails (3.6.0)
      factory_girl (~> 3.6.0)
      railties (>= 3.0.0)
    faraday (0.8.8)
      multipart-post (~> 1.2.0)
    ffi (1.9.0)
    forgery (0.5.0)
    friendly_id (4.0.10.1)
      activerecord (>= 3.0, < 4.0)
    galetahub-simple_captcha (0.1.3)
    globalize3 (0.2.0)
      activemodel (>= 3.0.0)
      activerecord (>= 3.0.0)
      paper_trail (~> 2)
    google_drive (0.3.6)
      nokogiri (>= 1.4.4, != 1.5.2, != 1.5.1)
      oauth (>= 0.3.6)
      oauth2 (>= 0.5.0)
    haml (4.0.3)
      tilt
    hashie (2.0.5)
    hashr (0.0.22)
    highline (1.6.19)
    hike (1.2.3)
    hiredis (0.4.5)
    hpricot (0.8.4)
    htmlentities (4.3.1)
    http-cookie (1.0.2)
      domain_name (~> 0.5)
    httpauth (0.2.0)
    i18n (0.6.5)
    journey (1.0.4)
    jquery-rails (2.0.2)
      railties (>= 3.2.0, < 5.0)
      thor (~> 0.14)
    jquery_mobile_rails (1.3.2)
      railties (>= 3.1.0)
    json (1.8.0)
    jwt (0.1.6)
      multi_json (>= 1.0)
    kaminari (0.13.0)
      actionpack (>= 3.0.0)
      activesupport (>= 3.0.0)
      railties (>= 3.0.0)
    kgio (2.8.1)
    launchy (2.3.0)
      addressable (~> 2.3)
    less (2.4.0)
      commonjs (~> 0.2.7)
    less-rails (2.4.2)
      actionpack (>= 3.1)
      less (~> 2.4.0)
    libv8 (3.3.10.4)
    mail (2.4.4)
      i18n (>= 0.4.0)
      mime-types (~> 1.16)
      treetop (~> 1.4.8)
    mechanize (2.7.2)
      domain_name (~> 0.5, >= 0.5.1)
      http-cookie (~> 1.0.0)
      mime-types (~> 1.17, >= 1.17.2)
      net-http-digest_auth (~> 1.1, >= 1.1.1)
      net-http-persistent (~> 2.5, >= 2.5.2)
      nokogiri (~> 1.4)
      ntlm-http (~> 0.1, >= 0.1.1)
      webrobots (>= 0.0.9, < 0.2)
    metaclass (0.0.1)
    method_source (0.8.2)
    mime-types (1.25)
    mini_magick (3.2)
      subexec (~> 0.0.4)
    mixlib-cli (1.3.0)
    mocha (0.14.0)
      metaclass (~> 0.0.1)
    mock_redis (0.9.0)
    money (5.1.1)
      i18n (~> 0.6.0)
    multi_json (1.3.7)
    multipart-post (1.2.0)
    mysql2 (0.3.11)
    net-http-digest_auth (1.4)
    net-http-persistent (2.9)
    net-scp (1.1.2)
      net-ssh (>= 2.6.5)
    net-sftp (2.1.2)
      net-ssh (>= 2.6.5)
    net-ssh (2.7.0)
    net-ssh-gateway (1.2.0)
      net-ssh (>= 2.6.5)
    newrelic_rpm (3.4.2.1)
    nokogiri (1.5.0)
    ntlm-http (0.1.1)
    oauth (0.4.7)
    oauth2 (0.8.1)
      faraday (~> 0.8)
      httpauth (~> 0.1)
      jwt (~> 0.1.4)
      multi_json (~> 1.0)
      rack (~> 1.2)
    omniauth (1.1.4)
      hashie (>= 1.2, < 3)
      rack
    omniauth-facebook (1.4.1)
      omniauth-oauth2 (~> 1.1.0)
    omniauth-oauth2 (1.1.1)
      oauth2 (~> 0.8.0)
      omniauth (~> 1.0)
    orm_adapter (0.0.7)
    paper_trail (2.7.2)
      activerecord (~> 3.0)
      railties (~> 3.0)
    polyamorous (0.5.0)
      activerecord (~> 3.0)
    polyglot (0.3.3)
    premailer (1.7.3)
      css_parser (>= 1.1.9)
      htmlentities (>= 4.0.0)
    premailer-rails3 (1.2.0)
      premailer (~> 1.7)
      rails (~> 3)
    pry (0.9.12.2)
      coderay (~> 1.0.5)
      method_source (~> 0.8)
      slop (~> 3.4)
    pry-rails (0.3.2)
      pry (>= 0.9.10)
    quiet_assets (1.0.2)
      railties (>= 3.1, < 5.0)
    rack (1.4.5)
    rack-cache (1.2)
      rack (>= 0.4)
    rack-protection (1.5.0)
      rack
    rack-raw-upload (1.1.0)
      json
    rack-rewrite (1.2.1)
    rack-ssl (1.3.3)
      rack
    rack-test (0.6.2)
      rack (>= 1.0)
    rails (3.2.11)
      actionmailer (= 3.2.11)
      actionpack (= 3.2.11)
      activerecord (= 3.2.11)
      activeresource (= 3.2.11)
      activesupport (= 3.2.11)
      bundler (~> 1.0)
      railties (= 3.2.11)
    rails-timeago (2.7.1)
      actionpack (>= 3.1)
      activesupport (>= 3.1)
    rails_kindeditor (0.3.20)
      carrierwave
      mini_magick
    railties (3.2.11)
      actionpack (= 3.2.11)
      activesupport (= 3.2.11)
      rack-ssl (~> 1.3.2)
      rake (>= 0.8.7)
      rdoc (~> 3.4)
      thor (>= 0.14.6, < 2.0)
    raindrops (0.12.0)
    rake (10.1.0)
    rake_pid (0.0.1)
    ransack (0.6.0)
      actionpack (~> 3.0)
      activerecord (~> 3.0)
      polyamorous (~> 0.5.0)
    rdoc (3.12.2)
      json (~> 1.4)
    redis (3.0.5)
    redis-namespace (1.3.1)
      redis (~> 3.0.0)
    redmon (0.0.8)
      activesupport
      bson_ext (>= 1.4.0)
      eventmachine
      haml
      hiredis (~> 0.4.0)
      i18n
      mixlib-cli
      rack
      redis (>= 2.2.2)
      sinatra (>= 1.2.6)
      thin
    rest-client (1.6.7)
      mime-types (>= 1.16)
    rspec (2.10.0)
      rspec-core (~> 2.10.0)
      rspec-expectations (~> 2.10.0)
      rspec-mocks (~> 2.10.0)
    rspec-cells (0.1.7)
      cells (~> 3.4)
      railties (>= 3.0, < 4.1)
      rspec-rails (~> 2.2)
    rspec-core (2.10.1)
    rspec-expectations (2.10.0)
      diff-lcs (~> 1.1.3)
    rspec-mocks (2.10.1)
    rspec-rails (2.10.0)
      actionpack (>= 3.0)
      activesupport (>= 3.0)
      railties (>= 3.0)
      rspec (~> 2.10.0)
    rubyzip (0.9.9)
    safe_yaml (0.9.7)
    sass (3.1.16)
    sass-rails (3.2.6)
      railties (~> 3.2.0)
      sass (>= 3.1.10)
      tilt (~> 1.3)
    selenium-webdriver (2.35.1)
      childprocess (>= 0.2.5)
      multi_json (~> 1.0)
      rubyzip (< 1.0.0)
      websocket (~> 1.0.4)
    sidekiq (2.5.4)
      celluloid (~> 0.12.0)
      connection_pool (~> 0.9.2)
      multi_json (~> 1)
      redis (~> 3)
      redis-namespace
    simple_form (2.0.2)
      actionpack (~> 3.0)
      activemodel (~> 3.0)
    simplecov (0.7.1)
      multi_json (~> 1.0)
      simplecov-html (~> 0.7.1)
    simplecov-html (0.7.1)
    sinatra (1.4.3)
      rack (~> 1.4)
      rack-protection (~> 1.4)
      tilt (~> 1.3, >= 1.3.4)
    sitemap_generator (3.1.1)
      builder
    slim (1.2.2)
      temple (~> 0.4.0)
      tilt (~> 1.3.3)
    slop (3.4.6)
    soulmate (0.1.3)
      multi_json (>= 1.0)
      redis (>= 2.0)
      sinatra (>= 1.0)
      vegas (>= 0.1.0)
    spork (0.9.2)
    sprockets (2.2.2)
      hike (~> 1.2)
      multi_json (~> 1.0)
      rack (~> 1.0)
      tilt (~> 1.1, != 1.3.0)
    squeel (1.0.1)
      activerecord (~> 3.0)
      activesupport (~> 3.0)
      polyamorous (~> 0.5.0)
    state_machine (1.0.2)
    subexec (0.0.4)
    temple (0.4.1)
    therubyracer (0.10.2)
      libv8 (~> 3.3.10)
    thin (1.3.1)
      daemons (>= 1.0.9)
      eventmachine (>= 0.12.6)
      rack (>= 1.0.0)
    thor (0.18.1)
    tilt (1.3.7)
    timers (1.1.0)
    tire (0.5.8)
      activemodel (>= 3.0)
      activesupport
      ansi
      hashr (~> 0.0.19)
      multi_json (~> 1.3)
      rake
      rest-client (~> 1.6)
    tire-contrib (0.1.3)
      tire
    treetop (1.4.15)
      polyglot
      polyglot (>= 0.3.1)
    turbo-sprockets-rails3 (0.3.10)
      railties (> 3.2.8, < 4.0.0)
      sprockets (>= 2.0.0)
    turbolinks (1.0.0)
      coffee-rails
    twitter-bootstrap-rails (2.1.9)
      actionpack (>= 3.1)
      execjs
      railties (>= 3.1)
    tzinfo (0.3.38)
    uglifier (2.2.1)
      execjs (>= 0.3.0)
      multi_json (~> 1.0, >= 1.0.2)
    unf (0.1.2)
      unf_ext
    unf_ext (0.0.6)
    unicorn (4.5.0)
      kgio (~> 2.6)
      rack
      raindrops (~> 0.7)
    vegas (0.1.11)
      rack (>= 1.0.0)
    warden (1.1.1)
      rack (>= 1.0)
    webmock (1.14.0)
      addressable (>= 2.2.7)
      crack (>= 0.3.2)
    webrobots (0.1.1)
    websocket (1.0.7)
    whenever (0.7.3)
      activesupport (>= 2.3.4)
      chronic (~> 0.6.3)
    will_paginate (3.0.5)
    xpath (2.0.0)
      nokogiri (~> 1.3)

PLATFORMS
  ruby

DEPENDENCIES
  activemerchant (= 1.28)
  am_alipay (= 0.0.2)!
  awesome_nested_set (= 2.1.3)
  babosa (~> 0.3.7)
  best_in_place (= 1.0.6)
  binding_of_caller
  cache_digests (= 0.1.0)
  cancan (~> 1.6.8)
  capistrano (= 2.12.0)
  capistrano-ext (~> 1.2.1)
  capybara
  carrierwave (= 0.6.2)
  cells (~> 3.7.1)
  coffee-rails (~> 3.2.1)
  database_cleaner
  default_value_for (= 2.0.1)
  devise (= 2.0.4)
  dynamic_form (= 1.1.4)
  ebayr!
  em-hiredis (= 0.1.1)
  exception_notification (= 2.6.1)
  execjs (= 1.3.2)
  factory_girl_rails (~> 3.0)
  forgery
  friendly_id (~> 4.0.1)
  galetahub-simple_captcha (= 0.1.3)
  globalize3 (= 0.2.0)
  google_drive (~> 0.3.0)
  hpricot (= 0.8.4)
  jquery-rails (= 2.0.2)
  jquery_mobile_rails
  kaminari (= 0.13.0)
  launchy
  less-rails
  mechanize
  mini_magick (= 3.2)
  mocha
  mock_redis
  mysql2 (= 0.3.11)
  newrelic_rpm (= 3.4.2.1)
  nokogiri (= 1.5.0)
  omniauth (~> 1.1.0)
  omniauth-facebook (= 1.4.1)
  premailer-rails3 (= 1.2.0)
  pry-rails
  quiet_assets
  rack-raw-upload (= 1.1.0)
  rack-rewrite (~> 1.2.1)
  rails (= 3.2.11)
  rails-timeago (~> 2.0)
  rails_kindeditor (~> 0.3.9)
  rake_pid (~> 0.0.1)
  ransack (= 0.6.0)
  redmon
  rspec-cells (~> 0.1.2)
  rspec-rails (= 2.10.0)
  sass (= 3.1.16)
  sass-rails (~> 3.2.3)
  selenium-webdriver
  sidekiq (~> 2.5.3)
  simple_form (= 2.0.2)
  simplecov
  sinatra
  sitemap_generator (= 3.1.1)
  slim (= 1.2.2)
  social-share-button!
  soulmate (= 0.1.3)
  spork
  squeel (= 1.0.1)
  state_machine (= 1.0.2)
  taobao!
  therubyracer (= 0.10.2)
  thin (= 1.3.1)
  tire (~> 0.5.1)
  tire-contrib (~> 0.1.1)
  top_notify (~> 0.0.1)!
  turbo-sprockets-rails3
  turbolinks (= 1.0.0)
  twitter-bootstrap-rails (= 2.1.9)
  uglifier (>= 1.0.3)
  unicorn (~> 4.5.0)
  webmock
  whenever (= 0.7.3)
  will_paginate (~> 3.0.2)
  xpath
